GEM
  remote: https://rubygems.org/
  specs:
    mustermann (1.1.1)
      ruby2_keywords (~> 0.0.1)
    rack (2.2.3)
    rack-protection (2.1.0)
      rack
    roda (3.37.0)
      rack
    ruby2_keywords (0.0.2)
    sinatra (2.1.0)
      mustermann (~> 1.0)
      rack (~> 2.2)
      rack-protection (= 2.1.0)
      tilt (~> 2.0)
    tilt (2.0.10)
    tiny_tds (2.1.3-x64-mingw32)

PLATFORMS
  x64-mingw32

DEPENDENCIES
  bundler
  roda
  sinatra
  tiny_tds

BUNDLED WITH
   2.1.4
